GEM
  remote: https://rubygems.org/
  specs:
    benchmark (0.4.1)
    erubi (1.13.1)
    language_server-protocol (3.17.0.5)
    logger (1.7.0)
    netrc (0.11.0)
    parallel (1.27.0)
    prism (1.4.0)
    rbi (0.3.6)
      prism (~> 1.0)
      rbs (>= 3.4.4)
    rbs (3.9.4)
      logger
    rexml (3.4.1)
    ruby-lsp (0.25.0)
      language_server-protocol (~> 3.17.0)
      prism (>= 1.2, < 2.0)
      rbs (>= 3, < 5)
    ruby_wasm (2.7.1-aarch64-linux)
    ruby_wasm (2.7.1-arm64-darwin)
    ruby_wasm (2.7.1-x86_64-darwin)
    ruby_wasm (2.7.1-x86_64-linux)
    sorbet (0.5.12224)
      sorbet-static (= 0.5.12224)
    sorbet-runtime (0.5.12224)
    sorbet-static (0.5.12224-aarch64-linux)
    sorbet-static (0.5.12224-universal-darwin)
    sorbet-static (0.5.12224-x86_64-linux)
    sorbet-static-and-runtime (0.5.12224)
      sorbet (= 0.5.12224)
      sorbet-runtime (= 0.5.12224)
    spoom (1.6.3)
      erubi (>= 1.10.0)
      prism (>= 0.28.0)
      rbi (>= 0.3.3)
      rexml (>= 3.2.6)
      sorbet-static-and-runtime (>= 0.5.10187)
      thor (>= 0.19.2)
    tapioca (0.16.11)
      benchmark
      bundler (>= 2.2.25)
      netrc (>= 0.11.0)
      parallel (>= 1.21.0)
      rbi (~> 0.2)
      sorbet-static-and-runtime (>= 0.5.11087)
      spoom (>= 1.2.0)
      thor (>= 1.2.0)
      yard-sorbet
    thor (1.3.2)
    yard (0.9.37)
    yard-sorbet (0.9.0)
      sorbet-runtime
      yard

PLATFORMS
  aarch64-linux
  universal-darwin
  x86_64-linux

DEPENDENCIES
  ruby-lsp
  ruby_wasm (~> 2.7)
  sorbet
  sorbet-runtime
  tapioca

BUNDLED WITH
   2.6.7
